GIT
  remote: git@github.com:darrell/sequel-postgis.git
  revision: 0646a38d3d6240637c4de439f2ac2455e44e2688
  specs:
    sequel-postgis (0.1.0)

GEM
  remote: https://rubygems.org/
  specs:
    activemodel (6.1.1)
      activesupport (= 6.1.1)
    activerecord (6.1.1)
      activemodel (= 6.1.1)
      activesupport (= 6.1.1)
    activerecord-postgis-adapter (7.0.1)
      activerecord (~> 6.1)
      rgeo-activerecord (~> 7.0.0)
    activesupport (6.1.1)
      concurrent-ruby (~> 1.0, >= 1.0.2)
      i18n (>= 1.6, < 2)
      minitest (>= 5.1)
      tzinfo (~> 2.0)
      zeitwerk (~> 2.3)
    concurrent-ruby (1.1.8)
    diff-lcs (1.4.4)
    i18n (1.8.7)
      concurrent-ruby (~> 1.0)
    logger (1.4.3)
    minitest (5.14.3)
    pg (1.2.3)
    rake (13.0.3)
    rgeo (2.2.0)
    rgeo-activerecord (7.0.0)
      activerecord (>= 5.0)
      rgeo (>= 1.0.0)
    rspec (3.10.0)
      rspec-core (~> 3.10.0)
      rspec-expectations (~> 3.10.0)
      rspec-mocks (~> 3.10.0)
    rspec-core (3.10.1)
      rspec-support (~> 3.10.0)
    rspec-expectations (3.10.1)
      diff-lcs (>= 1.2.0, < 2.0)
      rspec-support (~> 3.10.0)
    rspec-mocks (3.10.1)
      diff-lcs (>= 1.2.0, < 2.0)
      rspec-support (~> 3.10.0)
    rspec-support (3.10.1)
    sequel (5.40.0)
    tzinfo (2.0.4)
      concurrent-ruby (~> 1.0)
    zeitwerk (2.4.2)

PLATFORMS
  ruby

DEPENDENCIES
  activerecord
  activerecord-postgis-adapter
  logger
  pg
  rake
  rspec
  sequel
  sequel-postgis!

BUNDLED WITH
   1.17.2
