GIT
  remote: /Users/darrell/Dropbox/Work/postgis/sequel-postgis
  revision: 65ec2d4190110c0fca9a97081df718e855e5c94d
  specs:
    sequel-postgis (0.1.0)

GEM
  remote: https://rubygems.org/
  specs:
    activemodel (3.2.8)
      activesupport (= 3.2.8)
      builder (~> 3.0.0)
    activerecord (3.2.8)
      activemodel (= 3.2.8)
      activesupport (= 3.2.8)
      arel (~> 3.0.2)
      tzinfo (~> 0.3.29)
    activerecord-postgis-adapter (0.4.3)
      pg (>= 0.11.0)
      rgeo-activerecord (~> 0.4.5)
    activesupport (3.2.8)
      i18n (~> 0.6)
      multi_json (~> 1.0)
    arel (3.0.2)
    builder (3.0.3)
    diff-lcs (1.1.3)
    i18n (0.6.1)
    logger (1.2.8)
    multi_json (1.3.6)
    pg (0.14.1)
    rake (0.9.2.2)
    rgeo (0.3.17)
    rgeo-activerecord (0.4.5)
      activerecord (>= 3.0.3)
      arel (>= 2.0.6)
      rgeo (>= 0.3.10)
    rspec (2.11.0)
      rspec-core (~> 2.11.0)
      rspec-expectations (~> 2.11.0)
      rspec-mocks (~> 2.11.0)
    rspec-core (2.11.1)
    rspec-expectations (2.11.3)
      diff-lcs (~> 1.1.3)
    rspec-mocks (2.11.2)
    sequel (3.39.0)
    tzinfo (0.3.33)

PLATFORMS
  ruby

DEPENDENCIES
  activerecord
  activerecord-postgis-adapter
  logger
  pg
  rake
  rspec
  sequel
  sequel-postgis!
